PATH
  remote: .
  specs:
    metasploit-framework (6.2.12)
      actionpack (~> 6.0)
      activerecord (~> 6.0)
      activesupport (~> 6.0)
      aws-sdk-ec2
      aws-sdk-iam
      aws-sdk-s3
      bcrypt
      bcrypt_pbkdf
      bson
      concurrent-ruby (= 1.0.5)
      dnsruby
      ed25519
      em-http-request
      eventmachine
      faker
      faraday
      faraday-retry
      faye-websocket
      filesize
      hrr_rb_ssh-ed25519
      http-cookie
      irb
      jsobfu
      json
      metasm
      metasploit-concern
      metasploit-credential
      metasploit-model
      metasploit-payloads (= 2.0.94)
      metasploit_data_models
      metasploit_payloads-mettle (= 1.0.18)
      mqtt
      msgpack
      nessus_rest
      net-ldap
      net-smtp
      net-ssh
      network_interface
      nexpose
      nokogiri
      octokit
      openssl-ccm
      openvas-omp
      packetfu
      patch_finder
      pcaprub
      pdf-reader
      pg
      puma
      railties
      rb-readline
      recog
      redcarpet
      reline (= 0.2.5)
      rex-arch
      rex-bin_tools
      rex-core
      rex-encoder
      rex-exploitation
      rex-java
      rex-mime
      rex-nop
      rex-ole
      rex-powershell
      rex-random_identifier
      rex-registry
      rex-rop_builder
      rex-socket
      rex-sslscan
      rex-struct2
      rex-text
      rex-zip
      ruby-macho
      ruby_smb (~> 3.1.0)
      rubyntlm
      rubyzip
      sinatra
      sqlite3
      sshkey
      swagger-blocks
      thin
      tzinfo
      tzinfo-data
      unix-crypt
      warden
      win32api
      windows_error
      winrm
      xdr
      xmlrpc
      zeitwerk

GEM
  remote: https://rubygems.org/
  specs:
    Ascii85 (1.1.0)
    actionpack (6.1.7.7)
      actionview (= 6.1.7.7)
      activesupport (= 6.1.7.7)
      rack (~> 2.0, >= 2.0.9)
      rack-test (>= 0.6.3)
      rails-dom-testing (~> 2.0)
      rails-html-sanitizer (~> 1.0, >= 1.2.0)
    actionview (6.1.7.7)
      activesupport (= 6.1.7.7)
      builder (~> 3.1)
      erubi (~> 1.4)
      rails-dom-testing (~> 2.0)
      rails-html-sanitizer (~> 1.1, >= 1.2.0)
    activemodel (6.1.7.7)
      activesupport (= 6.1.7.7)
    activerecord (6.1.7.7)
      activemodel (= 6.1.7.7)
      activesupport (= 6.1.7.7)
    activesupport (6.1.7.7)
      concurrent-ruby (~> 1.0, >= 1.0.2)
      i18n (>= 1.6, < 2)
      minitest (>= 5.1)
      tzinfo (~> 2.0)
      zeitwerk (~> 2.3)
    addressable (2.8.6)
      public_suffix (>= 2.0.2, < 6.0)
    afm (0.2.2)
    arel-helpers (2.14.0)
      activerecord (>= 3.1.0, < 8)
    ast (2.4.2)
    aws-eventstream (1.3.0)
    aws-partitions (1.894.0)
    aws-sdk-core (3.191.3)
      aws-eventstream (~> 1, >= 1.3.0)
      aws-partitions (~> 1, >= 1.651.0)
      aws-sigv4 (~> 1.8)
      jmespath (~> 1, >= 1.6.1)
    aws-sdk-ec2 (1.438.0)
      aws-sdk-core (~> 3, >= 3.191.0)
      aws-sigv4 (~> 1.1)
    aws-sdk-iam (1.94.0)
      aws-sdk-core (~> 3, >= 3.191.0)
      aws-sigv4 (~> 1.1)
    aws-sdk-kms (1.77.0)
      aws-sdk-core (~> 3, >= 3.191.0)
      aws-sigv4 (~> 1.1)
    aws-sdk-s3 (1.143.0)
      aws-sdk-core (~> 3, >= 3.191.0)
      aws-sdk-kms (~> 1)
      aws-sigv4 (~> 1.8)
    aws-sigv4 (1.8.0)
      aws-eventstream (~> 1, >= 1.0.2)
    base64 (0.2.0)
    bcrypt (3.1.20)
    bcrypt_pbkdf (1.1.0)
    bigdecimal (3.1.6)
    bindata (2.5.0)
    bson (5.0.0)
    builder (3.2.4)
    byebug (11.1.3)
    coderay (1.1.3)
    concurrent-ruby (1.0.5)
    cookiejar (0.3.4)
    crass (1.0.6)
    daemons (1.4.1)
    diff-lcs (1.5.1)
    dnsruby (1.70.0)
      simpleidn (~> 0.2.1)
    docile (1.4.0)
    domain_name (0.6.20240107)
    ed25519 (1.3.0)
    em-http-request (1.1.7)
      addressable (>= 2.3.4)
      cookiejar (!= 0.3.1)
      em-socksify (>= 0.3)
      eventmachine (>= 1.0.3)
      http_parser.rb (>= 0.6.0)
    em-socksify (0.3.2)
      eventmachine (>= 1.0.0.beta.4)
    erubi (1.12.0)
    eventmachine (1.2.7)
    factory_bot (6.4.6)
      activesupport (>= 5.0.0)
    factory_bot_rails (6.4.3)
      factory_bot (~> 6.4)
      railties (>= 5.0.0)
    faker (3.2.3)
      i18n (>= 1.8.11, < 2)
    faraday (2.9.0)
      faraday-net_http (>= 2.0, < 3.2)
    faraday-net_http (3.1.0)
      net-http
    faraday-retry (2.2.0)
      faraday (~> 2.0)
    faye-websocket (0.11.3)
      eventmachine (>= 0.12.0)
      websocket-driver (>= 0.5.1)
    ffi (1.16.3)
    filesize (0.2.0)
    fivemat (1.3.7)
    gssapi (1.3.1)
      ffi (>= 1.0.1)
    gyoku (1.4.0)
      builder (>= 2.1.2)
      rexml (~> 3.0)
    hashery (2.1.2)
    hrr_rb_ssh (0.4.2)
    hrr_rb_ssh-ed25519 (0.4.2)
      ed25519 (~> 1.2)
      hrr_rb_ssh (>= 0.4)
    http-cookie (1.0.5)
      domain_name (~> 0.5)
    http_parser.rb (0.8.0)
    httpclient (2.8.3)
    i18n (1.14.1)
      concurrent-ruby (~> 1.0)
    io-console (0.7.2)
    irb (1.3.6)
      reline (>= 0.2.5)
    jmespath (1.6.2)
    jsobfu (0.4.2)
      rkelly-remix
    json (2.7.1)
    little-plugger (1.1.4)
    logging (2.3.1)
      little-plugger (~> 1.1)
      multi_json (~> 1.14)
    loofah (2.22.0)
      crass (~> 1.0.2)
      nokogiri (>= 1.12.0)
    memory_profiler (1.0.0)
    metasm (1.0.5)
    metasploit-concern (4.0.5)
      activemodel (~> 6.0)
      activesupport (~> 6.0)
      railties (~> 6.0)
    metasploit-credential (6.0.8)
      metasploit-concern
      metasploit-model
      metasploit_data_models (>= 5.0.0)
      net-ssh
      pg
      railties
      rex-socket
      rubyntlm
      rubyzip
    metasploit-model (4.0.6)
      activemodel (~> 6.0)
      activesupport (~> 6.0)
      railties (~> 6.0)
    metasploit-payloads (2.0.94)
    metasploit_data_models (5.0.6)
      activerecord (~> 6.0)
      activesupport (~> 6.0)
      arel-helpers
      metasploit-concern
      metasploit-model (>= 3.1)
      pg
      railties (~> 6.0)
      recog
      webrick
    metasploit_payloads-mettle (1.0.18)
    method_source (1.0.0)
    mini_portile2 (2.8.5)
    minitest (5.22.2)
    mqtt (0.6.0)
    msgpack (1.7.2)
    multi_json (1.15.0)
    mustermann (3.0.0)
      ruby2_keywords (~> 0.0.1)
    nessus_rest (0.1.6)
    net-http (0.4.1)
      uri
    net-ldap (0.19.0)
    net-protocol (0.2.2)
      timeout
    net-smtp (0.4.0.1)
      net-protocol
    net-ssh (7.2.1)
    network_interface (0.0.4)
    nexpose (7.3.0)
    nio4r (2.7.0)
    nokogiri (1.16.2)
      mini_portile2 (~> 2.8.2)
      racc (~> 1.4)
    nori (2.7.0)
      bigdecimal
    octokit (8.1.0)
      base64
      faraday (>= 1, < 3)
      sawyer (~> 0.9)
    openssl-ccm (1.2.3)
    openssl-cmac (2.0.2)
    openvas-omp (0.0.4)
    packetfu (2.0.0)
      pcaprub (~> 0.13.1)
    parallel (1.22.1)
    parser (3.1.2.0)
      ast (~> 2.4.1)
    patch_finder (1.0.2)
    pcaprub (0.13.1)
    pdf-reader (2.12.0)
      Ascii85 (~> 1.0)
      afm (~> 0.2.1)
      hashery (~> 2.0)
      ruby-rc4
      ttfunk
    pg (1.5.5)
    pry (0.13.1)
      coderay (~> 1.1)
      method_source (~> 1.0)
    pry-byebug (3.9.0)
      byebug (~> 11.0)
      pry (~> 0.13.0)
    public_suffix (5.0.4)
    puma (6.4.2)
      nio4r (~> 2.0)
    racc (1.7.3)
    rack (2.2.8.1)
    rack-protection (3.2.0)
      base64 (>= 0.1.0)
      rack (~> 2.2, >= 2.2.4)
    rack-test (2.1.0)
      rack (>= 1.3)
    rails-dom-testing (2.2.0)
      activesupport (>= 5.0.0)
      minitest
      nokogiri (>= 1.6)
    rails-html-sanitizer (1.6.0)
      loofah (~> 2.21)
      nokogiri (~> 1.14)
    railties (6.1.7.7)
      actionpack (= 6.1.7.7)
      activesupport (= 6.1.7.7)
      method_source
      rake (>= 12.2)
      thor (~> 1.0)
    rainbow (3.1.1)
    rake (13.1.0)
    rb-readline (0.5.5)
    recog (3.1.4)
      nokogiri
    redcarpet (3.6.0)
    regexp_parser (2.5.0)
    reline (0.2.5)
      io-console (~> 0.5)
    rex-arch (0.1.15)
      rex-text
    rex-bin_tools (0.1.9)
      metasm
      rex-arch
      rex-core
      rex-struct2
      rex-text
    rex-core (0.1.31)
    rex-encoder (0.1.7)
      metasm
      rex-arch
      rex-text
    rex-exploitation (0.1.39)
      jsobfu
      metasm
      rex-arch
      rex-encoder
      rex-text
      rexml
    rex-java (0.1.7)
    rex-mime (0.1.8)
      rex-text
    rex-nop (0.1.3)
      rex-arch
    rex-ole (0.1.8)
      rex-text
    rex-powershell (0.1.99)
      rex-random_identifier
      rex-text
      ruby-rc4
    rex-random_identifier (0.1.11)
      rex-text
    rex-registry (0.1.5)
    rex-rop_builder (0.1.5)
      metasm
      rex-core
      rex-text
    rex-socket (0.1.56)
      rex-core
    rex-sslscan (0.1.10)
      rex-core
      rex-socket
      rex-text
    rex-struct2 (0.1.4)
    rex-text (0.2.56)
    rex-zip (0.1.5)
      rex-text
    rexml (3.2.6)
    rkelly-remix (0.0.7)
    rspec (3.11.0)
      rspec-core (~> 3.11.0)
      rspec-expectations (~> 3.11.0)
      rspec-mocks (~> 3.11.0)
    rspec-core (3.11.0)
      rspec-support (~> 3.11.0)
    rspec-expectations (3.11.1)
      diff-lcs (>= 1.2.0, < 2.0)
      rspec-support (~> 3.11.0)
    rspec-mocks (3.11.2)
      diff-lcs (>= 1.2.0, < 2.0)
      rspec-support (~> 3.11.0)
    rspec-rails (6.0.1)
      actionpack (>= 6.1)
      activesupport (>= 6.1)
      railties (>= 6.1)
      rspec-core (~> 3.11)
      rspec-expectations (~> 3.11)
      rspec-mocks (~> 3.11)
      rspec-support (~> 3.11)
    rspec-rerun (1.1.0)
      rspec (~> 3.0)
    rspec-support (3.11.1)
    rubocop (1.31.1)
      json (~> 2.3)
      parallel (~> 1.10)
      parser (>= 3.1.0.0)
      rainbow (>= 2.2.2, < 4.0)
      regexp_parser (>= 1.8, < 3.0)
      rexml (>= 3.2.5, < 4.0)
      rubocop-ast (>= 1.18.0, < 2.0)
      ruby-progressbar (~> 1.7)
      unicode-display_width (>= 1.4.0, < 3.0)
    rubocop-ast (1.18.0)
      parser (>= 3.1.1.0)
    ruby-macho (4.0.1)
    ruby-prof (1.4.2)
    ruby-progressbar (1.11.0)
    ruby-rc4 (0.1.5)
    ruby2_keywords (0.0.5)
    ruby_smb (3.1.7)
      bindata
      openssl-ccm
      openssl-cmac
      rubyntlm
      windows_error (>= 0.1.4)
    rubyntlm (0.6.3)
    rubyzip (2.3.2)
    sawyer (0.9.2)
      addressable (>= 2.3.5)
      faraday (>= 0.17.3, < 3)
    simplecov (0.18.2)
      docile (~> 1.1)
      simplecov-html (~> 0.11)
    simplecov-html (0.12.3)
    simpleidn (0.2.1)
      unf (~> 0.1.4)
    sinatra (3.2.0)
      mustermann (~> 3.0)
      rack (~> 2.2, >= 2.2.4)
      rack-protection (= 3.2.0)
      tilt (~> 2.0)
    sqlite3 (1.7.2)
      mini_portile2 (~> 2.8.0)
    sshkey (3.0.0)
    swagger-blocks (3.0.0)
    thin (1.8.2)
      daemons (~> 1.0, >= 1.0.9)
      eventmachine (~> 1.0, >= 1.0.4)
      rack (>= 1, < 3)
    thor (1.3.0)
    tilt (2.3.0)
    timecop (0.9.5)
    timeout (0.4.1)
    ttfunk (1.7.0)
    tzinfo (2.0.6)
      concurrent-ruby (~> 1.0)
    tzinfo-data (1.2024.1)
      tzinfo (>= 1.0.0)
    unf (0.1.4)
      unf_ext
    unf_ext (0.0.9.1)
    unicode-display_width (2.2.0)
    unix-crypt (1.3.1)
    uri (0.13.0)
    warden (1.2.9)
      rack (>= 2.0.9)
    webrick (1.7.0)
    websocket-driver (0.7.6)
      websocket-extensions (>= 0.1.0)
    websocket-extensions (0.1.5)
    win32api (0.1.0)
    windows_error (0.1.5)
    winrm (2.3.6)
      builder (>= 2.1.2)
      erubi (~> 1.8)
      gssapi (~> 1.2)
      gyoku (~> 1.0)
      httpclient (~> 2.2, >= 2.2.0.2)
      logging (>= 1.6.1, < 3.0)
      nori (~> 2.0)
      rubyntlm (~> 0.6.0, >= 0.6.3)
    xdr (3.0.3)
      activemodel (>= 4.2, < 8.0)
      activesupport (>= 4.2, < 8.0)
    xmlrpc (0.3.3)
      webrick
    yard (0.9.28)
      webrick (~> 1.7.0)
    zeitwerk (2.6.13)

PLATFORMS
  ruby

DEPENDENCIES
  factory_bot_rails
  fivemat
  memory_profiler
  metasploit-framework!
  octokit
  pry-byebug
  rake
  redcarpet
  rspec-rails
  rspec-rerun
  rubocop
  ruby-prof (= 1.4.2)
  simplecov (= 0.18.2)
  timecop
  yard

BUNDLED WITH
   2.1.4
